GEM
  remote: https://rubygems.org/
  specs:
    terminal-notifier (1.6.2)

PLATFORMS
  ruby

DEPENDENCIES
  terminal-notifier (~> 1.6.2)
